PATH
  remote: .
  specs:
    mini_computer (0.5.4)

GEM
  remote: https://rubygems.org/
  specs:
    rake (10.4.2)

PLATFORMS
  ruby

DEPENDENCIES
  bundler (~> 1.9)
  mini_computer!
  rake (~> 10.0)
